GEM
  remote: https://rubygems.org/
  specs:
    benchmark-ips (2.7.2)
    benchmark-memory (0.1.2)
      memory_profiler (~> 0.9)
    ffi (1.12.2)
    memery (1.3.0)
      ruby2_keywords (~> 0.0.2)
    memoist (0.16.2)
    memory_profiler (0.9.14)
    ruby2_keywords (0.0.2)

PLATFORMS
  ruby

DEPENDENCIES
  benchmark-ips
  benchmark-memory
  ffi
  memery
  memoist

RUBY VERSION
   ruby 2.6.5p114

BUNDLED WITH
   1.17.3
